GEM
  remote: https://rubygems.org/
  specs:
    gem-browse (1.0.0)
    gem-ctags (1.0.4)

PLATFORMS
  ruby

DEPENDENCIES
  gem-browse
  gem-ctags
